GEM
  remote: https://rubygems.org/
  specs:
    color (1.8)
    minitest (5.10.1)
    rack (1.6.4)
    rack-protection (1.5.3)
      rack
    rack-test (0.6.3)
      rack (>= 1.0)
    sinatra (1.4.6)
      rack (~> 1.4)
      rack-protection (~> 1.4)
      tilt (>= 1.3, < 3)
    tilt (2.0.1)

PLATFORMS
  ruby

DEPENDENCIES
  color
  minitest
  rack-test
  sinatra

BUNDLED WITH
   1.14.6
